GIT
  remote: git://github.com/huacnlee/bootstrap-helper.git
  revision: 996419b99086b845db947c0b29ac8a782021812e
  specs:
    bootstrap_helper (2.1.2.1)
      railties (>= 4.0.0.beta1, < 4.1.0)
      simple_form (>= 3.0.0.beta1)
      thor (~> 0.14)
      will_paginate (>= 3.0.3)

GIT
  remote: git://github.com/intridea/grape.git
  revision: 77d7262122e23d26290870086a5aa9193761a48a
  specs:
    grape (0.5.1)
      activesupport
      builder
      hashie (>= 1.2.0)
      multi_json (>= 1.3.2)
      multi_xml (>= 0.5.2)
      rack (>= 1.3.0)
      rack-accept
      rack-mount
      virtus

GIT
  remote: git://github.com/mongoid/mongoid.git
  revision: 11e45e5a30a45458b83db99ab6c9d9ccc337e66f
  ref: 11e45e5a30a45458b83db99ab6c9d9ccc337e66f
  specs:
    mongoid (4.0.0)
      activemodel (~> 4.0.0.rc1)
      moped (~> 1.4)
      origin (~> 1.0)
      tzinfo (~> 0.3.22)

GIT
  remote: git://github.com/searls/jasmine-rails.git
  revision: 567278c506b6999c10222d5c77ed723fb0a84b10
  specs:
    jasmine-rails (0.4.5)
      jasmine-core (~> 1.3)
      rails (>= 3.1.0)
      sprockets-rails

GEM
  remote: http://ruby.taobao.org/
  specs:
    actionmailer (4.0.0)
      actionpack (= 4.0.0)
      mail (~> 2.5.3)
    actionpack (4.0.0)
      activesupport (= 4.0.0)
      builder (~> 3.1.0)
      erubis (~> 2.7.0)
      rack (~> 1.5.2)
      rack-test (~> 0.6.2)
    actionpack-action_caching (1.0.0)
      actionpack (>= 4.0.0.beta, < 5.0)
    activemodel (4.0.0)
      activesupport (= 4.0.0)
      builder (~> 3.1.0)
    activerecord (4.0.0)
      activemodel (= 4.0.0)
      activerecord-deprecated_finders (~> 1.0.2)
      activesupport (= 4.0.0)
      arel (~> 4.0.0)
    activerecord-deprecated_finders (1.0.3)
    activesupport (4.0.0)
      i18n (~> 0.6, >= 0.6.4)
      minitest (~> 4.2)
      multi_json (~> 1.3)
      thread_safe (~> 0.1)
      tzinfo (~> 0.3.37)
    addressable (2.3.5)
    anjlab-bootstrap-rails (3.0.0.2)
      railties (>= 3.0)
      sass (>= 3.2)
    api_taster (0.6.0)
      bootstrap-sass (~> 2.1)
      jquery-rails
      rails (>= 3.1.0)
      redcarpet
      remotipart (~> 1.0)
      sass-rails
    arel (4.0.0)
    atomic (1.1.13)
    backports (3.3.3)
    bcrypt-ruby (3.1.1)
    bootstrap-sass (2.3.2.1)
      sass (~> 3.2)
    bson (1.9.2)
    builder (3.1.4)
    cancan (1.6.10)
    capistrano (2.9.0)
      highline
      net-scp (>= 1.0.0)
      net-sftp (>= 2.0.0)
      net-ssh (>= 2.0.14)
      net-ssh-gateway (>= 1.1.0)
    capybara (0.4.1.2)
      celerity (>= 0.7.9)
      culerity (>= 0.2.4)
      mime-types (>= 1.16)
      nokogiri (>= 1.3.3)
      rack (>= 1.0.0)
      rack-test (>= 0.5.4)
      selenium-webdriver (>= 0.0.27)
      xpath (~> 0.1.3)
    carrierwave (0.6.2)
      activemodel (>= 3.2.0)
      activesupport (>= 3.2.0)
    celerity (0.9.2)
    cells (3.8.8)
      actionpack (>= 3.0)
      railties (>= 3.0)
    childprocess (0.3.9)
      ffi (~> 1.0, >= 1.0.11)
    chunky_png (1.2.5)
    coffee-rails (4.0.0)
      coffee-script (>= 2.2.0)
      railties (>= 4.0.0.beta, < 5.0)
    coffee-script (2.2.0)
      coffee-script-source
      execjs
    coffee-script-source (1.6.3)
    culerity (0.2.15)
    database_cleaner (1.1.1)
    descendants_tracker (0.0.1)
    diff-lcs (1.2.4)
    erubis (2.7.0)
    exception_notification (4.0.0)
      actionmailer (>= 3.0.4)
      activesupport (>= 3.0.4)
    execjs (2.0.0)
    factory_girl (4.2.0)
      activesupport (>= 3.0.0)
    factory_girl_rails (4.2.1)
      factory_girl (~> 4.2.0)
      railties (>= 3.0.0)
    ffi (1.9.0)
    hashie (2.0.5)
    highline (1.6.19)
    hike (1.2.3)
    i18n (0.6.5)
    jasmine-core (1.3.1)
    jquery-atwho-rails (0.1.6)
    jquery-rails (2.0.1)
      railties (>= 3.2.0, < 5.0)
      thor (~> 0.14)
    kaminari (0.14.1)
      actionpack (>= 3.0.0)
      activesupport (>= 3.0.0)
    kgio (2.8.0)
    launchy (2.3.0)
      addressable (~> 2.3)
    letter_opener (1.1.2)
      launchy (~> 2.2)
    mail (2.5.4)
      mime-types (~> 1.16)
      treetop (~> 1.4.8)
    masonry-rails (0.2.0)
      rails
    md_emoji (1.0.1)
      railties (>= 3.1.0)
      redcarpet (>= 2.0)
    mime-types (1.24)
    mini_magick (3.3)
      subexec (~> 0.1.0)
    mini_portile (0.5.1)
    minitest (4.7.5)
    mongo (1.9.2)
      bson (~> 1.9.2)
    mongoid_colored_logger (0.2.2)
      mongo (~> 1.6)
      mongoid
    moped (1.5.1)
    multi_json (1.7.9)
    multi_xml (0.5.5)
    net-scp (1.1.2)
      net-ssh (>= 2.6.5)
    net-sftp (2.1.2)
      net-ssh (>= 2.6.5)
    net-ssh (2.6.8)
    net-ssh-gateway (1.2.0)
      net-ssh (>= 2.6.5)
    newrelic_rpm (3.6.6.147)
    nokogiri (1.6.0)
      mini_portile (~> 0.5.0)
    omniauth (1.1.4)
      hashie (>= 1.2, < 3)
      rack
    omniauth-identity (1.1.1)
      bcrypt-ruby (~> 3.0)
      omniauth (~> 1.0)
    origin (1.1.0)
    polyglot (0.3.3)
    quiet_assets (1.0.2)
      railties (>= 3.1, < 5.0)
    rack (1.5.2)
    rack-accept (0.4.5)
      rack (>= 0.4)
    rack-mount (0.8.3)
      rack (>= 1.0.0)
    rack-test (0.6.2)
      rack (>= 1.0)
    rails (4.0.0)
      actionmailer (= 4.0.0)
      actionpack (= 4.0.0)
      activerecord (= 4.0.0)
      activesupport (= 4.0.0)
      bundler (>= 1.3.0, < 2.0)
      railties (= 4.0.0)
      sprockets-rails (~> 2.0.0)
    rails-i18n (0.1.8)
      i18n (~> 0.5)
    rails_autolink (1.1.0)
      rails (> 3.1)
    railties (4.0.0)
      actionpack (= 4.0.0)
      activesupport (= 4.0.0)
      rake (>= 0.8.7)
      thor (>= 0.18.1, < 2.0)
    raindrops (0.11.0)
    rake (10.1.0)
    redcarpet (3.0.0)
    remotipart (1.2.1)
    rspec-cells (0.1.7)
      cells (~> 3.4)
      railties (>= 3.0, < 4.1)
      rspec-rails (~> 2.2)
    rspec-core (2.13.1)
    rspec-expectations (2.13.0)
      diff-lcs (>= 1.1.3, < 2.0)
    rspec-mocks (2.13.1)
    rspec-rails (2.13.2)
      actionpack (>= 3.0)
      activesupport (>= 3.0)
      railties (>= 3.0)
      rspec-core (~> 2.13.0)
      rspec-expectations (~> 2.13.0)
      rspec-mocks (~> 2.13.0)
    rubyzip (0.9.9)
    rvm-capistrano (1.4.1)
      capistrano (>= 2.0.0)
    sass (3.2.10)
    sass-rails (4.0.0)
      railties (>= 4.0.0.beta, < 5.0)
      sass (>= 3.1.10)
      sprockets-rails (~> 2.0.0)
    selenium-webdriver (2.35.0)
      childprocess (>= 0.2.5)
      multi_json (~> 1.0)
      rubyzip
      websocket (~> 1.0.4)
    simple_form (3.0.0.rc)
      actionpack (>= 4.0.0.rc1, < 4.1)
      activemodel (>= 4.0.0.rc1, < 4.1)
    social-share-button (0.1.4)
    sprite-factory (1.4.1)
    sprockets (2.10.0)
      hike (~> 1.2)
      multi_json (~> 1.0)
      rack (~> 1.0)
      tilt (~> 1.1, != 1.3.0)
    sprockets-rails (2.0.0)
      actionpack (>= 3.0)
      activesupport (>= 3.0)
      sprockets (~> 2.8)
    subexec (0.1.0)
    thor (0.18.1)
    thread_safe (0.1.2)
      atomic
    tilt (1.4.1)
    treetop (1.4.15)
      polyglot
      polyglot (>= 0.3.1)
    tzinfo (0.3.37)
    uglifier (2.1.2)
      execjs (>= 0.3.0)
      multi_json (~> 1.0, >= 1.0.2)
    unicorn (4.6.3)
      kgio (~> 2.6)
      rack
      raindrops (~> 0.7)
    virtus (0.5.5)
      backports (~> 3.3)
      descendants_tracker (~> 0.0.1)
    websocket (1.0.7)
    will_paginate (3.0.4)
    xpath (0.1.4)
      nokogiri (~> 1.3)

PLATFORMS
  ruby

DEPENDENCIES
  actionpack-action_caching (= 1.0.0)
  anjlab-bootstrap-rails (>= 3.0.0.0)
  api_taster (= 0.6.0)
  bootstrap_helper!
  cancan (~> 1.6.10)
  capistrano (= 2.9.0)
  capybara (~> 0.4.1)
  carrierwave (= 0.6.2)
  chunky_png (= 1.2.5)
  coffee-rails (~> 4.0.0)
  database_cleaner
  exception_notification
  factory_girl_rails
  grape!
  jasmine-rails!
  jquery-atwho-rails (= 0.1.6)
  jquery-rails (= 2.0.1)
  kaminari
  letter_opener
  masonry-rails
  md_emoji
  mini_magick (= 3.3)
  mongoid!
  mongoid_colored_logger (= 0.2.2)
  newrelic_rpm
  omniauth
  omniauth-identity
  quiet_assets (~> 1.0.2)
  rails (= 4.0.0)
  rails-i18n (= 0.1.8)
  rails_autolink (>= 1.1.0)
  rspec-cells (= 0.1.7)
  rspec-rails (~> 2.13.2)
  rvm-capistrano
  sass-rails (~> 4.0.0)
  simple_form (= 3.0.0.rc)
  social-share-button (= 0.1.4)
  sprite-factory (= 1.4.1)
  uglifier (>= 1.3.0)
  unicorn
